PATH
  remote: .
  specs:
    xth (0.0.1)
      gli (= 2.9.0)
      green_shoes
      httmultiparty
      rubyzip

GEM
  remote: http://ruby.taobao.org/
  specs:
    aruba (0.5.4)
      childprocess (>= 0.3.6)
      cucumber (>= 1.1.1)
      rspec-expectations (>= 2.7.0)
    atk (2.1.0)
      glib2 (= 2.1.0)
    builder (3.2.2)
    cairo (1.12.8)
      pkg-config
    childprocess (0.5.1)
      ffi (~> 1.0, >= 1.0.11)
    cucumber (1.3.10)
      builder (>= 2.1.2)
      diff-lcs (>= 1.1.3)
      gherkin (~> 2.12)
      multi_json (>= 1.7.5, < 2.0)
      multi_test (>= 0.0.2)
    diff-lcs (1.2.5)
    ffi (1.9.3)
    gdk_pixbuf2 (2.1.0)
      glib2 (= 2.1.0)
    gherkin (2.12.2)
      multi_json (~> 1.3)
    gli (2.9.0)
    glib2 (2.1.0)
      pkg-config
    green_shoes (1.1.374)
      gtk2
    gtk2 (2.1.0)
      atk (= 2.1.0)
      gdk_pixbuf2 (= 2.1.0)
      pango (= 2.1.0)
    httmultiparty (0.3.10)
      httparty (>= 0.7.3)
      multipart-post
    httparty (0.12.0)
      json (~> 1.8)
      multi_xml (>= 0.5.2)
    json (1.8.1)
    multi_json (1.8.4)
    multi_test (0.0.3)
    multi_xml (0.5.5)
    multipart-post (2.0.0)
    pango (2.1.0)
      cairo (>= 1.12.5)
      glib2 (= 2.1.0)
    pkg-config (1.1.5)
    rake (10.1.1)
    rdoc (4.1.1)
      json (~> 1.4)
    rspec-expectations (2.14.5)
      diff-lcs (>= 1.1.3, < 2.0)
    rubyzip (1.1.0)

PLATFORMS
  ruby

DEPENDENCIES
  aruba
  rake
  rdoc
  xth!
